GEM
  remote: https://rubygems.org/
  specs:
    singleton (0.1.1)
    sqlite3 (1.3.13)

PLATFORMS
  arm64-darwin-22

DEPENDENCIES
  singleton
  sqlite3

BUNDLED WITH
   2.4.1
